GEM
  remote: https://rubygems.org/
  specs:
    bigdecimal (3.3.1)
    diff-lcs (1.6.2)
    rake (13.1.0)
    rspec (3.13.2)
      rspec-core (~> 3.13.0)
      rspec-expectations (~> 3.13.0)
      rspec-mocks (~> 3.13.0)
    rspec-core (3.13.6)
      rspec-support (~> 3.13.0)
    rspec-expectations (3.13.5)
      diff-lcs (>= 1.2.0, < 2.0)
      rspec-support (~> 3.13.0)
    rspec-mocks (3.13.6)
      diff-lcs (>= 1.2.0, < 2.0)
      rspec-support (~> 3.13.0)
    rspec-support (3.13.6)
    sequel (5.97.0)
      bigdecimal
    sqlite3 (1.7.0-x86_64-linux)
    terminal-table (3.0.2)
      unicode-display_width (>= 1.1.1, < 3)
    unicode-display_width (2.5.0)

PLATFORMS
  x86_64-linux

DEPENDENCIES
  rake (~> 13.1)
  rspec (~> 3.12)
  sequel (~> 5.86)
  sqlite3 (~> 1.7)
  terminal-table (~> 3.0)

BUNDLED WITH
   2.4.19
