GEM
  remote: https://rubygems.org/
  specs:
    bigdecimal (3.3.1)
    colorize (1.1.0)
    rake (13.1.0)
    sequel (5.97.0)
      bigdecimal
    sqlite3 (1.7.0-x86_64-linux)
    terminal-table (3.0.2)
      unicode-display_width (>= 1.1.1, < 3)
    thor (1.3.0)
    unicode-display_width (2.5.0)

PLATFORMS
  x86_64-linux

DEPENDENCIES
  colorize (~> 1.1)
  rake (~> 13.1)
  sequel (~> 5.86)
  sqlite3 (~> 1.7)
  terminal-table (~> 3.0)
  thor (~> 1.3)

BUNDLED WITH
   2.4.19
